GEM
  remote: http://rubygems.org/
  specs:
    net-ssh (3.2.0)
    pg (0.18.4-x64-mingw32)
    power_assert (0.3.0)
    rack (1.6.0)
    rack-protection (1.5.3)
      rack
    rack-test (0.6.3)
      rack (>= 1.0)
    rake (10.3.2)
    sequel (4.5.0)
    sinatra (1.4.7)
      rack (~> 1.5)
      rack-protection (~> 1.4)
      tilt (>= 1.3, < 3)
    test-unit (3.2.1)
      power_assert
    tilt (2.0.5)

PLATFORMS
  x64-mingw32

DEPENDENCIES
  net-ssh
  pg (~> 0.18.4)
  rack (= 1.6.0)
  rack-test
  rake (= 10.3.2)
  sequel (= 4.5.0)
  sinatra (~> 1.4.4)
  test-unit

BUNDLED WITH
   1.12.5
